PATH
  remote: .
  specs:
    r00lz (0.1.0)
      rack (~> 2.0.7)

GEM
  remote: https://rubygems.org/
  specs:
    ansi (1.5.0)
    builder (3.2.4)
    coderay (1.1.3)
    method_source (1.0.0)
    minitest (5.21.2)
    minitest-reporters (1.6.1)
      ansi
      builder
      minitest (>= 5.0)
      ruby-progressbar
    pry (0.14.2)
      coderay (~> 1.1)
      method_source (~> 1.0)
    rack (2.0.9.3)
    rake (12.3.3)
    ruby-progressbar (1.13.0)

PLATFORMS
  ruby

DEPENDENCIES
  minitest
  minitest-reporters (>= 1.1)
  pry
  r00lz!
  rake (~> 12.0)

BUNDLED WITH
   2.1.4
