PATH
  remote: ../r00lz
  specs:
    r00lz (0.1.0)
      rack (~> 2.0.7)

GEM
  remote: https://rubygems.org/
  specs:
    coderay (1.1.3)
    method_source (1.0.0)
    pry (0.14.2)
      coderay (~> 1.1)
      method_source (~> 1.0)
    rack (2.0.9.3)

PLATFORMS
  ruby

DEPENDENCIES
  pry
  r00lz!

BUNDLED WITH
   2.1.4
